GEM
  remote: https://rubygems.org/
  specs:
    concurrent-ruby (1.0.4)
    haml (4.0.7)
      tilt
    rack (1.6.5)
    rack-protection (1.5.3)
      rack
    redis (3.3.3)
    sinatra (1.4.8)
      rack (~> 1.5)
      rack-protection (~> 1.4)
      tilt (>= 1.3, < 3)
    sprockets (3.7.1)
      concurrent-ruby (~> 1.0)
      rack (> 1, < 3)
    tilt (2.0.6)

PLATFORMS
  ruby

DEPENDENCIES
  haml
  redis
  sinatra
  sprockets

BUNDLED WITH
   1.13.3
